PATH
  remote: .
  specs:
    auto_response (0.2.0)
      colorize
      daemons (~> 1.1.9)
      listen (~> 2.0)
      ptools
      rb-inotify (~> 0.9)
      string_utf8

GEM
  remote: https://rubygems.org/
  specs:
    celluloid (0.16.0)
      timers (~> 4.0.0)
    colorize (0.8.1)
    daemons (1.1.9)
    ffi (1.11.1)
    hitimes (1.3.1)
    listen (2.10.1)
      celluloid (~> 0.16.0)
      rb-fsevent (>= 0.9.3)
      rb-inotify (>= 0.9)
    ptools (1.3.5)
    rake (12.3.2)
    rb-fsevent (0.10.3)
    rb-inotify (0.10.0)
      ffi (~> 1.0)
    rdoc (6.1.1)
    string_utf8 (0.1.1)
    timers (4.0.4)
      hitimes

PLATFORMS
  ruby

DEPENDENCIES
  auto_response!
  rake
  rdoc

BUNDLED WITH
   1.11.2
